PATH
  remote: .
  specs:
    firetail (0.0.0)
      async (~> 1.30.3)
      jwt (~> 2.5)

GEM
  remote: https://rubygems.org/
  specs:
    addressable (2.8.1)
      public_suffix (>= 2.0.2, < 6.0)
    async (1.30.3)
      console (~> 1.10)
      nio4r (~> 2.3)
      timers (~> 4.1)
    console (1.15.3)
      fiber-local
    crack (0.4.5)
      rexml
    diff-lcs (1.4.4)
    fiber-local (1.0.0)
    hashdiff (1.0.1)
    jwt (2.5.0)
    nio4r (2.5.8)
    public_suffix (4.0.7)
    rack (3.0.1)
    rake (10.5.0)
    rexml (3.2.5)
    rspec (3.10.0)
      rspec-core (~> 3.10.0)
      rspec-expectations (~> 3.10.0)
      rspec-mocks (~> 3.10.0)
    rspec-core (3.10.1)
      rspec-support (~> 3.10.0)
    rspec-expectations (3.10.1)
      diff-lcs (>= 1.2.0, < 2.0)
      rspec-support (~> 3.10.0)
    rspec-mocks (3.10.2)
      diff-lcs (>= 1.2.0, < 2.0)
      rspec-support (~> 3.10.0)
    rspec-support (3.10.2)
    timers (4.3.5)
    webmock (3.18.1)
      addressable (>= 2.8.0)
      crack (>= 0.3.2)
      hashdiff (>= 0.4.0, < 2.0.0)

PLATFORMS
  ruby

DEPENDENCIES
  bundler (~> 2.0)
  firetail!
  rack
  rake (~> 10.0)
  rspec (~> 3.0)
  webmock (~> 3.18)

BUNDLED WITH
   2.0.2
